GEM
  remote: https://rubygems.org/
  specs:
    highline (3.0.1)
    minitest (5.22.3)

PLATFORMS
  arm64-darwin-22
  ruby

DEPENDENCIES
  highline
  minitest

BUNDLED WITH
   2.5.6
